NDims = 3
DimSize = 441 321 215
ElementSpacing = 0.742188 0.742188 1.5
Position =  165.312 -7.91322 -346.878
Orientation = -1 -3.67394e-16 0 3.67394e-16 -1 0 0 0 1 
ElementNumberOfChannels = 1
ElementByteOrderMSB = False
ElementType = MET_UCHAR
ImFusionMetaImageVersion = 1
ElementDataFile = segmentation_therightone.raw
